PATH
  remote: .
  specs:
    timing_runner (0.1.0)
      colorize (~> 1.1)
      pry
      rspec
      sorbet-runtime

GEM
  remote: https://rubygems.org/
  specs:
    ast (2.4.3)
    benchmark (0.4.0)
    byebug (11.1.3)
    coderay (1.1.3)
    colorize (1.1.0)
    diff-lcs (1.5.1)
    erubi (1.12.0)
    json (2.12.2)
    language_server-protocol (3.17.0.5)
    lint_roller (1.1.0)
    method_source (1.0.0)
    netrc (0.11.0)
    parallel (1.27.0)
    parser (3.3.8.0)
      ast (~> 2.4.1)
      racc
    prettier_print (1.2.1)
    prism (0.24.0)
    pry (0.14.2)
      coderay (~> 1.1)
      method_source (~> 1.0)
    pry-byebug (3.10.1)
      byebug (~> 11.0)
      pry (>= 0.13, < 0.15)
    racc (1.8.1)
    rainbow (3.1.1)
    rake (13.1.0)
    rbi (0.1.9)
      prism (>= 0.18.0, < 0.25)
      sorbet-runtime (>= 0.5.9204)
    regexp_parser (2.10.0)
    rspec (3.13.0)
      rspec-core (~> 3.13.0)
      rspec-expectations (~> 3.13.0)
      rspec-mocks (~> 3.13.0)
    rspec-core (3.13.0)
      rspec-support (~> 3.13.0)
    rspec-expectations (3.13.0)
      diff-lcs (>= 1.2.0, < 2.0)
      rspec-support (~> 3.13.0)
    rspec-mocks (3.13.0)
      diff-lcs (>= 1.2.0, < 2.0)
      rspec-support (~> 3.13.0)
    rspec-support (3.13.1)
    rubocop (1.74.0)
      json (~> 2.3)
      language_server-protocol (~> 3.17.0.2)
      lint_roller (~> 1.1.0)
      parallel (~> 1.10)
      parser (>= 3.3.0.2)
      rainbow (>= 2.2.2, < 4.0)
      regexp_parser (>= 2.9.3, < 3.0)
      rubocop-ast (>= 1.38.0, < 2.0)
      ruby-progressbar (~> 1.7)
      unicode-display_width (>= 2.4.0, < 4.0)
    rubocop-ast (1.42.0)
      parser (>= 3.3.7.2)
    rubocop-sorbet (0.10.0)
      rubocop (>= 1)
    ruby-progressbar (1.13.0)
    rufo (0.18.0)
    sorbet (0.5.11305)
      sorbet-static (= 0.5.11305)
    sorbet-runtime (0.5.11305)
    sorbet-static (0.5.11305-universal-darwin)
    sorbet-static-and-runtime (0.5.11305)
      sorbet (= 0.5.11305)
      sorbet-runtime (= 0.5.11305)
    spoom (1.2.4)
      erubi (>= 1.10.0)
      sorbet-static-and-runtime (>= 0.5.10187)
      syntax_tree (>= 6.1.1)
      thor (>= 0.19.2)
    syntax_tree (6.2.0)
      prettier_print (>= 1.2.0)
    tapioca (0.12.0)
      bundler (>= 2.2.25)
      netrc (>= 0.11.0)
      parallel (>= 1.21.0)
      rbi (>= 0.1.4, < 0.2)
      sorbet-static-and-runtime (>= 0.5.10820)
      spoom (~> 1.2.0, >= 1.2.0)
      thor (>= 1.2.0)
      yard-sorbet
    thor (1.3.1)
    unicode-display_width (3.1.4)
      unicode-emoji (~> 4.0, >= 4.0.4)
    unicode-emoji (4.0.4)
    yard (0.9.36)
    yard-sorbet (0.8.1)
      sorbet-runtime (>= 0.5)
      yard (>= 0.9)

PLATFORMS
  arm64-darwin-23

DEPENDENCIES
  benchmark
  pry-byebug
  rake (~> 13.0)
  rspec (~> 3.0)
  rubocop
  rubocop-sorbet
  rufo
  sorbet
  tapioca
  timing_runner!

BUNDLED WITH
   2.4.11
